GEM
  remote: http://rubygems.org/
  specs:
    addressable (2.3.8)
    backports (3.11.1)
    cabin (0.9.0)
    clamp (1.2.1)
    ftw (0.0.48)
      addressable (~> 2.3.8)
      backports (>= 2.6.2)
      cabin (> 0)
      http_parser.rb (~> 0.6)
    http_parser.rb (0.6.0)
    uuidtools (2.1.5)

PLATFORMS
  ruby

DEPENDENCIES
  clamp
  ftw
  uuidtools

BUNDLED WITH
   1.15.4
