GEM
  remote: http://rubygems.org/
  specs:
    clamp (0.3.1)

PLATFORMS
  ruby

DEPENDENCIES
  clamp
