GEM
  remote: http://rubygems.org/
  specs:
    addressable (2.2.6)
    backports (2.3.0)
    cabin (0.4.4)
      json
    clamp (0.3.1)
    ftw (0.0.14)
      addressable (= 2.2.6)
      backports (= 2.3.0)
      cabin (> 0)
      http_parser.rb (= 0.5.3)
      json (= 1.6.5)
      minitest (> 0)
    http_parser.rb (0.5.3)
    json (1.6.5)
    minitest (2.11.0)
    uuidtools (2.1.3)

PLATFORMS
  ruby

DEPENDENCIES
  clamp
  ftw
  uuidtools
