GEM
  remote: http://rubygems.org/
  specs:
    addressable (2.3.2)
    backports (2.3.0)
    cabin (0.6.0)
    clamp (0.5.0)
    ftw (0.0.26)
      addressable (~> 2.3.2)
      backports (= 2.3.0)
      cabin (> 0)
      http_parser.rb (= 0.5.3)
      json (~> 1.7.5)
      minitest (> 0)
    http_parser.rb (0.5.3)
    json (1.7.6)
    minitest (4.4.0)
    uuidtools (2.1.3)

PLATFORMS
  ruby

DEPENDENCIES
  clamp
  ftw
  uuidtools
